PATH
  remote: .
  specs:
    emeraldfw (0.2.0)
      colorize (~> 0.8)
      httparty (~> 0.14)
      json (~> 2.0)
      nokogiri (~> 1.6)
      rubyzip (~> 1.2)
      slop (~> 4.4)

GEM
  remote: https://rubygems.org/
  specs:
    colorize (0.8.1)
    diff-lcs (1.2.5)
    httparty (0.14.0)
      multi_xml (>= 0.5.2)
    json (2.0.2)
    mini_portile2 (2.1.0)
    multi_xml (0.5.5)
    nokogiri (1.6.8)
      mini_portile2 (~> 2.1.0)
      pkg-config (~> 1.1.7)
    pkg-config (1.1.7)
    rake (10.5.0)
    rspec (3.5.0)
      rspec-core (~> 3.5.0)
      rspec-expectations (~> 3.5.0)
      rspec-mocks (~> 3.5.0)
    rspec-core (3.5.3)
      rspec-support (~> 3.5.0)
    rspec-expectations (3.5.0)
      diff-lcs (>= 1.2.0, < 2.0)
      rspec-support (~> 3.5.0)
    rspec-mocks (3.5.0)
      diff-lcs (>= 1.2.0, < 2.0)
      rspec-support (~> 3.5.0)
    rspec-support (3.5.0)
    rubyzip (1.2.0)
    slop (4.4.1)

PLATFORMS
  ruby

DEPENDENCIES
  bundler (~> 1.13)
  emeraldfw!
  rake (~> 10.0)
  rspec (~> 3.0)

BUNDLED WITH
   1.13.1
